PATH
  remote: .
  specs:
    memo_helper (0.0.2)

GEM
  remote: https://rubygems.org/
  specs:
    diff-lcs (1.5.0)
    fuubar (2.5.1)
      rspec-core (~> 3.0)
      ruby-progressbar (~> 1.4)
    rspec (3.12.0)
      rspec-core (~> 3.12.0)
      rspec-expectations (~> 3.12.0)
      rspec-mocks (~> 3.12.0)
    rspec-core (3.12.2)
      rspec-support (~> 3.12.0)
    rspec-expectations (3.12.3)
      diff-lcs (>= 1.2.0, < 2.0)
      rspec-support (~> 3.12.0)
    rspec-mocks (3.12.5)
      diff-lcs (>= 1.2.0, < 2.0)
      rspec-support (~> 3.12.0)
    rspec-support (3.12.1)
    ruby-progressbar (1.13.0)

PLATFORMS
  arm64-darwin-21

DEPENDENCIES
  bundler (~> 2.4)
  fuubar
  memo_helper!
  rspec (> 3.0)

BUNDLED WITH
   2.4.15
